GIT
  remote: git@github.com:Seabright/SeabrightGem.git
  revision: 97be2aa09fa9a52d28e35773e9f3c5f94e803a26
  specs:
    seabright (0.1)
      closure-compiler

GEM
  specs:
    closure-compiler (1.1.4)
    kgio (2.6.0)
    rack (1.3.5)
    rack-mount (0.8.3)
      rack (>= 1.0.0)
    raindrops (0.8.0)
    unicorn (4.1.1)
      kgio (~> 2.4)
      rack
      raindrops (~> 0.6)
    wirble (0.1.3)

PLATFORMS
  ruby

DEPENDENCIES
  rack-mount
  seabright!
  unicorn
  wirble
